GEM
  remote: https://www.rubygems.org/
  specs:
    cucumber-sinatra (0.5.0)
      templater (>= 1.0.0)
    diff-lcs (1.2.5)
    extlib (0.9.16)
    highline (1.6.21)
    rack (1.5.2)
    rack-protection (1.5.3)
      rack
    sinatra (1.4.5)
      rack (~> 1.4)
      rack-protection (~> 1.4)
      tilt (~> 1.3, >= 1.3.4)
    templater (1.0.0)
      diff-lcs (>= 1.1.2)
      extlib (>= 0.9.5)
      highline (>= 1.4.0)
    tilt (1.4.1)

PLATFORMS
  ruby

DEPENDENCIES
  cucumber-sinatra
  sinatra
